PATH
  remote: .
  specs:
    motion-assets (0.1.2)
      mini_magick

GEM
  remote: https://rubygems.org/
  specs:
    bacon (1.2.0)
    mini_magick (4.2.3)

PLATFORMS
  ruby

DEPENDENCIES
  bacon
  motion-assets!
