PATH
  remote: .
  specs:
    motion-assets (0.1.0)
      mini_magick

GEM
  remote: https://rubygems.org/
  specs:
    mini_magick (4.2.3)

PLATFORMS
  ruby

DEPENDENCIES
  motion-assets!
